GEM
  remote: https://rubygems.org/
  specs:
    minitest (5.14.2)

PLATFORMS
  ruby

DEPENDENCIES
  minitest (~> 5.4)

BUNDLED WITH
   1.17.3
